GEM
  remote: http://rubygems.org/
  specs:
    mini_portile (0.6.2)
    nokogiri (1.6.6.2)
      mini_portile (~> 0.6.0)
    nokogiri (1.6.6.2-java)
    org-ruby (0.9.12)
      rubypants (~> 0.2)
    rake (10.4.2)
    rubypants (0.2.0)
    sass (3.2.19)

PLATFORMS
  java
  ruby

DEPENDENCIES
  nokogiri
  org-ruby
  rake
  sass
